GEM
  remote: https://rubygems.org/
  specs:
    dotenv (2.7.5)
    slack-notifier (2.4.0)

PLATFORMS
  ruby

DEPENDENCIES
  dotenv
  slack-notifier

BUNDLED WITH
   2.1.4
