GEM
  remote: https://rubygems.org/
  specs:
    dotenv (2.7.6)
    slack-notifier (2.3.2)

PLATFORMS
  ruby

DEPENDENCIES
  dotenv
  slack-notifier

BUNDLED WITH
   2.1.4
